GIT
  remote: git@github.com:CompanyBook/massive_record.git
  revision: f1afd336bea0de654affcf0d4ca2bdd9dafccdea
  specs:
    massive_record (0.1.0)
      activemodel
      activesupport
      thrift (>= 0.5.0)

GIT
  remote: https://github.com/feedbackmine/language_detector.git
  revision: de34cd4e86f2598714b808b8e42a9496466aa01a
  specs:
    language_detector (0.1.2)

GEM
  remote: http://rubygems.org/
  specs:
    activemodel (3.0.3)
      activesupport (= 3.0.3)
      builder (~> 2.1.2)
      i18n (~> 0.4)
    activesupport (3.0.3)
    builder (2.1.2)
    classifier (1.3.3)
      fast-stemmer (>= 1.0.0)
    diff-lcs (1.1.2)
    fast-stemmer (1.0.0)
    i18n (0.5.0)
    log4r (1.1.9)
    nokogiri (1.4.4)
    rspec (2.4.0)
      rspec-core (~> 2.4.0)
      rspec-expectations (~> 2.4.0)
      rspec-mocks (~> 2.4.0)
    rspec-core (2.4.0)
    rspec-expectations (2.4.0)
      diff-lcs (~> 1.1.2)
    rspec-mocks (2.4.0)
    solr-ruby (0.0.8)
    thrift (0.5.0)

PLATFORMS
  ruby

DEPENDENCIES
  classifier
  language_detector!
  log4r
  massive_record!
  nokogiri
  rspec
  rspec-core
  solr-ruby
